PATH
  remote: .
  specs:
    zendesk_automator (0.0.1)
      rufus-scheduler
      zendesk_api

GEM
  remote: https://rubygems.org/
  specs:
    faraday (0.9.0)
      multipart-post (>= 1.2, < 3)
    hashie (3.3.1)
    inflection (1.0.0)
    mime-types (1.25.1)
    multi_json (1.10.1)
    multipart-post (2.0.0)
    rake (10.3.2)
    rufus-scheduler (3.0.9)
      tzinfo
    thread_safe (0.3.4)
    tzinfo (1.2.2)
      thread_safe (~> 0.1)
    zendesk_api (1.4.5)
      faraday (~> 0.9)
      hashie (>= 1.2, < 4.0)
      inflection
      mime-types (~> 1.0)
      multi_json
      multipart-post (~> 2.0)

PLATFORMS
  ruby

DEPENDENCIES
  bundler
  rake
  zendesk_automator!
